NUGET
  remote: https://nuget.org/api/v2
    Castle.Core (3.3.0)
    Castle.Core-log4net (3.3.0)
      Castle.Core (>= 3.3.0)
      log4net (1.2.10)
    Castle.LoggingFacility (3.3.0)
      Castle.Core (>= 3.3.0)
      Castle.Windsor (>= 3.3.0)
    Castle.Windsor (3.3.0)
      Castle.Core (>= 3.3.0)
    Castle.Windsor-log4net (3.3.0)
      Castle.Core-log4net (>= 3.3.0)
      Castle.LoggingFacility (>= 3.3.0)
    Rx-Core (2.2.5)
      Rx-Interfaces (>= 2.2.5)
    Rx-Interfaces (2.2.5)
    Rx-Linq (2.2.5)
      Rx-Interfaces (>= 2.2.5)
      Rx-Core (>= 2.2.5)
    Rx-Main (2.2.5)
      Rx-Interfaces (>= 2.2.5)
      Rx-Core (>= 2.2.5)
      Rx-Linq (>= 2.2.5)
      Rx-PlatformServices (>= 2.2.5)
    Rx-PlatformServices (2.2.5)
      Rx-Interfaces (>= 2.2.5)
      Rx-Core (>= 2.2.5)
    log4net (1.2.10)
